GEM
  remote: https://rubygems.org/
  specs:
    beefcake (0.5.0)
    celluloid (0.15.2)
      timers (~> 1.1.0)
    celluloid-io (0.15.0)
      celluloid (>= 0.15.0)
      nio4r (>= 0.5.0)
    ecdsa (0.1.5)
    nio4r (1.0.0)
    rake (10.1.1)
    timers (1.1.0)

PLATFORMS
  ruby

DEPENDENCIES
  beefcake
  celluloid-io
  ecdsa (~> 0.1.5)
  rake
